GIT
  remote: git://github.com/plataformatec/simple_form.git
  revision: 9f7a7bcbb9323e91cf8b9261bf2b31c2a174b342
  ref: 9f7a7bcbb9323e91cf8b9261bf2b31c2a174b342
  specs:
    simple_form (2.0.0.dev)
      actionpack (~> 3.0)
      activemodel (~> 3.0)

GIT
  remote: git://github.com/sferik/rails_admin.git
  revision: d5001cd385fe01c79d25d4b67a7dd386e53b6bfb
  specs:
    rails_admin (0.0.1)
      bbenezech-nested_form (~> 0.0.5)
      bootstrap-sass (~> 2.0)
      builder (~> 3.0)
      coffee-rails (~> 3.1)
      haml (~> 3.1)
      jquery-rails (>= 1.0)
      kaminari (~> 0.12)
      rack-pjax (~> 0.5)
      rails (~> 3.1)
      remotipart (~> 1.0)
      sass-rails (~> 3.1)

GEM
  remote: https://rubygems.org/
  specs:
    POpen4 (0.1.4)
      Platform (>= 0.4.0)
      open4
    Platform (0.4.0)
    actionmailer (3.2.1)
      actionpack (= 3.2.1)
      mail (~> 2.4.0)
    actionpack (3.2.1)
      activemodel (= 3.2.1)
      activesupport (= 3.2.1)
      builder (~> 3.0.0)
      erubis (~> 2.7.0)
      journey (~> 1.0.1)
      rack (~> 1.4.0)
      rack-cache (~> 1.1)
      rack-test (~> 0.6.1)
      sprockets (~> 2.1.2)
    activemodel (3.2.1)
      activesupport (= 3.2.1)
      builder (~> 3.0.0)
    activerecord (3.2.1)
      activemodel (= 3.2.1)
      activesupport (= 3.2.1)
      arel (~> 3.0.0)
      tzinfo (~> 0.3.29)
    activeresource (3.2.1)
      activemodel (= 3.2.1)
      activesupport (= 3.2.1)
    activesupport (3.2.1)
      i18n (~> 0.6)
      multi_json (~> 1.0)
    arel (3.0.2)
    bbenezech-nested_form (0.0.5)
    bcrypt-ruby (3.0.1)
    bootstrap-sass (2.0.1)
    builder (3.0.0)
    coffee-rails (3.2.2)
      coffee-script (>= 2.2.0)
      railties (~> 3.2.0)
    coffee-script (2.2.0)
      coffee-script-source
      execjs
    coffee-script-source (1.2.0)
    commonjs (0.2.0)
      therubyracer (~> 0.9.9)
    daemons (1.1.8)
    devise (2.0.4)
      bcrypt-ruby (~> 3.0)
      orm_adapter (~> 0.0.3)
      railties (~> 3.1)
      warden (~> 1.1.1)
    devise_invitable (1.0.0)
      devise (~> 2.0.0)
      rails (~> 3.0)
    erubis (2.7.0)
    eventmachine (0.12.10)
    execjs (1.3.0)
      multi_json (~> 1.0)
    haml (3.1.4)
    hike (1.2.1)
    hpricot (0.8.6)
    i18n (0.6.0)
    journey (1.0.3)
    jquery-rails (2.0.0)
      railties (>= 3.2.0.beta, < 5.0)
      thor (~> 0.14)
    json (1.6.5)
    kaminari (0.13.0)
      actionpack (>= 3.0.0)
      activesupport (>= 3.0.0)
      railties (>= 3.0.0)
    less (2.0.9)
      commonjs (~> 0.2.0)
      therubyracer (~> 0.9.9)
    less-rails (2.1.6)
      actionpack (>= 3.1)
      less (~> 2.0.7)
    libv8 (3.3.10.4)
    mail (2.4.1)
      i18n (>= 0.4.0)
      mime-types (~> 1.16)
      treetop (~> 1.4.8)
    mime-types (1.17.2)
    multi_json (1.1.0)
    newrelic_rpm (3.3.2)
    open4 (1.3.0)
    orm_adapter (0.0.6)
    pg (0.13.2)
    polyglot (0.3.3)
    rack (1.4.1)
    rack-cache (1.1)
      rack (>= 0.4)
    rack-pjax (0.5.7)
      hpricot (~> 0.8.6)
      rack (~> 1.3)
    rack-ssl (1.3.2)
      rack
    rack-test (0.6.1)
      rack (>= 1.0)
    rails (3.2.1)
      actionmailer (= 3.2.1)
      actionpack (= 3.2.1)
      activerecord (= 3.2.1)
      activeresource (= 3.2.1)
      activesupport (= 3.2.1)
      bundler (~> 1.0)
      railties (= 3.2.1)
    railties (3.2.1)
      actionpack (= 3.2.1)
      activesupport (= 3.2.1)
      rack-ssl (~> 1.3.2)
      rake (>= 0.8.7)
      rdoc (~> 3.4)
      thor (~> 0.14.6)
    rake (0.9.2.2)
    rdoc (3.12)
      json (~> 1.4)
    remotipart (1.0.2)
    sass (3.1.15)
    sass-rails (3.2.4)
      railties (~> 3.2.0)
      sass (>= 3.1.10)
      tilt (~> 1.3)
    sprockets (2.1.2)
      hike (~> 1.2)
      rack (~> 1.0)
      tilt (~> 1.1, != 1.3.0)
    sqlite3 (1.3.5)
    therubyracer (0.9.10)
      libv8 (~> 3.3.10)
    thin (1.3.1)
      daemons (>= 1.0.9)
      eventmachine (>= 0.12.6)
      rack (>= 1.0.0)
    thor (0.14.6)
    tilt (1.3.3)
    treetop (1.4.10)
      polyglot
      polyglot (>= 0.3.1)
    twitter-bootstrap-rails (2.0.2)
      actionpack (>= 3.1)
      less-rails (~> 2.1.5)
      railties (>= 3.1)
    tzinfo (0.3.31)
    uglifier (1.2.3)
      execjs (>= 0.3.0)
      multi_json (>= 1.0.2)
    warden (1.1.1)
      rack (>= 1.0)
    yui-compressor (0.9.6)
      POpen4 (>= 0.1.4)

PLATFORMS
  ruby

DEPENDENCIES
  coffee-rails (~> 3.2.1)
  devise
  devise_invitable
  jquery-rails
  less-rails (~> 2.1.0)
  newrelic_rpm
  pg
  rails (= 3.2.1)
  rails_admin!
  simple_form!
  sqlite3
  thin
  twitter-bootstrap-rails
  uglifier (>= 1.0.3)
  yui-compressor
